{
  "AcquisitionDateTime": "2018-01-30T13:39:50.490000",
  "AcquisitionMatrixPE": 84,
  "AcquisitionNumber": 1,
  "AcquisitionTime": "13:39:15.867500",
  "BandwidthPerPixelPhaseEncode": 23.81,
  "BaseResolution": 84,
  "BodyPartExamined": "HEAD",
  "ConsistencyInfo": "N4_VE11B_LATEST_20150530",
  "ConversionSoftware": "dcm2niix",
  "ConversionSoftwareVersion": "v1.0.20171215 GCC5.1.0",
  "DerivedVendorReportedEchoSpacing": 0.00049999,
  "DeviceSerialNumber": "66072",
  "DwellTime": 2.3e-006,
  "EchoTime": 0.03,
  "EchoTrainLength": 84,
  "EffectiveEchoSpacing": 0.00049999,
  "FlipAngle": 65,
  "ImageComments": "Single-band_reference_SENSE1",
  "ImageOrientationPatientDICOM": [
    0.998772,
    0.0219948,
    -0.0443992,
    -0.0252816,
    0.996872,
    -0.074879
  ],
  "ImageType": ["ORIGINAL","PRIMARY","M","ND","MOSAIC"],
  "InPlanePhaseEncodingDirectionDICOM": "COL",
  "InstitutionAddress": "Boulevard_Jean_Moulin_27_Marseille...1E4BF1..._District_FR_1300",
  "InstitutionName": "Centre_IRMf",
  "InstitutionalDepartmentName": "Department",
  "MRAcquisitionType": "2D",
  "MagneticFieldStrength": 3,
  "Manufacturer": "Siemens",
  "ManufacturersModelName": "Prisma",
  "Modality": "MR",
  "PartialFourier": 1,
  "PatientPosition": "HFS",
  "PercentPhaseFOV": 100,
  "PhaseEncodingDirection": "j",
  "PhaseEncodingSteps": 84,
  "PhaseResolution": 1,
  "PixelBandwidth": 2590,
  "ProcedureStepDescription": "Projets_MorphoSem",
  "ProtocolName": "task-localizerpinel_bold",
  "PulseSequenceDetails": "%CustomerSeq%_cmrr_mbep2d_bold",
  "ReceiveCoilActiveElements": "HC1-7",
  "ReceiveCoilName": "HeadNeck_64",
  "ReconMatrixPE": 84,
  "RepetitionTime": 1.224,
  "SAR": 0.0684723,
  "ScanOptions": "FS_EXT",
  "ScanningSequence": "EP",
  "SequenceName": "epfid2d1_84",
  "SequenceVariant": "SK_SS",
  "SeriesDescription": "task-localizerpinel_bold_SBRef",
  "SeriesNumber": 15,
  "ShimSetting": [-596,-10744,-605,483,144,114,86,-39],
  "SliceThickness": 2.5,
  "SliceTiming": [
    3.545,
    3.4775,
    3.41,
    3.345,
    3.2775,
    3.21,
    3.1425,
    3.0775,
    3.01,
    2.9425,
    2.875,
    2.81,
    2.7425,
    2.675,
    2.6075,
    2.5425,
    2.475,
    2.4075,
    2.34,
    2.275,
    2.2075,
    2.14,
    2.0725,
    2.0075,
    1.94,
    1.8725,
    1.805,
    1.74,
    1.6725,
    1.605,
    1.5375,
    1.4725,
    1.405,
    1.3375,
    1.27,
    1.205,
    1.1375,
    1.07,
    1.0025,
    0.935,
    0.87,
    0.8025,
    0.735,
    0.6675,
    0.6025,
    0.535,
    0.4675,
    0.4,
    0.335,
    0.2675,
    0.2,
    0.1325,
    0.0675,
    0
  ],
  "SoftwareVersions": "syngo_MR_E11",
  "SpacingBetweenSlices": 2.5,
  "StationName": "AWP66072",
  "TotalReadoutTime": 0.04199916,
  "TxRefAmp": 229.647
}