{
  "AcquisitionDateTime": "2018-01-29T16:22:24.019000",
  "AcquisitionMatrixPE": 84,
  "AcquisitionNumber": 1,
  "AcquisitionTime": "16:21:43.342500",
  "BandwidthPerPixelPhaseEncode": 23.81,
  "BaseResolution": 84,
  "BodyPartExamined": "HEAD",
  "ConsistencyInfo": "N4_VE11B_LATEST_20150530",
  "ConversionSoftware": "dcm2niix",
  "ConversionSoftwareVersion": "v1.0.20171215 GCC5.1.0",
  "DerivedVendorReportedEchoSpacing": 0.00049999,
  "DeviceSerialNumber": "66072",
  "DwellTime": 2.3e-006,
  "EchoTime": 0.03,
  "EchoTrainLength": 84,
  "EffectiveEchoSpacing": 0.00049999,
  "FlipAngle": 65,
  "ImageComments": "Unaliased_MB3_PE3_LB_SENSE1",
  "ImageOrientationPatientDICOM": [1,0,-6.213e-012,0,1,-3.9258e-011],
  "ImageType": [
    "ORIGINAL",
    "PRIMARY",
    "M",
    "MB",
    "ND",
    "MOSAIC"
  ],
  "InPlanePhaseEncodingDirectionDICOM": "COL",
  "InstitutionAddress": "Boulevard_Jean_Moulin_27_Marseille...1E4BF1..._District_FR_1300",
  "InstitutionName": "Centre_IRMf",
  "InstitutionalDepartmentName": "Department",
  "MRAcquisitionType": "2D",
  "MagneticFieldStrength": 3,
  "Manufacturer": "Siemens",
  "ManufacturersModelName": "Prisma",
  "Modality": "MR",
  "MultibandAccelerationFactor": 3,
  "PartialFourier": 1,
  "PatientPosition": "HFS",
  "PercentPhaseFOV": 100,
  "PhaseEncodingDirection": "j",
  "PhaseEncodingSteps": 84,
  "PhaseResolution": 1,
  "PixelBandwidth": 2590,
  "ProcedureStepDescription": "Projets_MorphoSem",
  "ProtocolName": "task-morphosem_run4_bold",
  "PulseSequenceDetails": "%CustomerSeq%_cmrr_mbep2d_bold",
  "ReceiveCoilActiveElements": "HC1-6",
  "ReceiveCoilName": "HeadNeck_64",
  "ReconMatrixPE": 84,
  "RepetitionTime": 1.224,
  "SAR": 0.0627642,
  "ScanOptions": "FS_EXT",
  "ScanningSequence": "EP",
  "SequenceName": "epfid2d1_84",
  "SequenceVariant": "SK_SS",
  "SeriesDescription": "task-morphosem_run4_bold",
  "SeriesNumber": 14,
  "ShimSetting": [-615,-10792,-607,392,95,19,-2,57],
  "SliceThickness": 2.5,
  "SliceTiming": [
    1.1375,
    1.07,
    1.005,
    0.9375,
    0.87,
    0.8025,
    0.7375,
    0.67,
    0.6025,
    0.535,
    0.47,
    0.4025,
    0.335,
    0.2675,
    0.2025,
    0.135,
    0.0675,
    0,
    1.1375,
    1.07,
    1.005,
    0.9375,
    0.87,
    0.8025,
    0.7375,
    0.67,
    0.6025,
    0.535,
    0.47,
    0.4025,
    0.335,
    0.2675,
    0.2025,
    0.135,
    0.0675,
    0,
    1.1375,
    1.07,
    1.005,
    0.9375,
    0.87,
    0.8025,
    0.7375,
    0.67,
    0.6025,
    0.535,
    0.47,
    0.4025,
    0.335,
    0.2675,
    0.2025,
    0.135,
    0.0675,
    0
  ],
  "SoftwareVersions": "syngo_MR_E11",
  "SpacingBetweenSlices": 2.5,
  "StationName": "AWP66072",
  "TaskName": "morphosem",
  "TotalReadoutTime": 0.04199916,
  "TxRefAmp": 260.01
}