{
    "AcquisitionDateTime": "2018-01-30T15:59:06.529000",
    "AcquisitionMatrixPE": 84,
    "AcquisitionNumber": 1,
    "AcquisitionTime": "15:58:15.047500",
    "BandwidthPerPixelPhaseEncode": 23.81,
    "BaseResolution": 84,
    "BodyPartExamined": "HEAD",
    "ConsistencyInfo": "N4_VE11B_LATEST_20150530",
    "ConversionSoftware": "dcm2niix",
    "ConversionSoftwareVersion": "v1.0.20171215 GCC5.1.0",
    "DerivedVendorReportedEchoSpacing": 0.00049999,
    "DeviceSerialNumber": "66072",
    "DwellTime": 2.6e-06,
    "EchoTime": 0.059,
    "EchoTrainLength": 84,
    "EffectiveEchoSpacing": 0.00049999,
    "FlipAngle": 90,
    "ImageComments": "SENSE1",
    "ImageOrientationPatientDICOM": [
        0.999687,
        -0.0212222,
        0.0132262,
        0.0205914,
        0.998723,
        0.0461314
    ],
    "ImageType": [
        "ORIGINAL",
        "PRIMARY",
        "M",
        "ND",
        "MOSAIC"
    ],
    "InPlanePhaseEncodingDirectionDICOM": "COL",
    "InstitutionAddress": "Boulevard_Jean_Moulin_27_Marseille...1E4BF1..._District_FR_1300",
    "InstitutionName": "Centre_IRMf",
    "InstitutionalDepartmentName": "Department",
    "MRAcquisitionType": "2D",
    "MagneticFieldStrength": 3,
    "Manufacturer": "Siemens",
    "ManufacturersModelName": "Prisma",
    "Modality": "MR",
    "PartialFourier": 1,
    "PatientPosition": "HFS",
    "PercentPhaseFOV": 100,
    "PhaseEncodingDirection": "j-",
    "PhaseEncodingSteps": 84,
    "PhaseResolution": 1,
    "PixelBandwidth": 2290,
    "ProcedureStepDescription": "Projets_MorphoSem",
    "ProtocolName": "Fieldmap_topup_AP",
    "PulseSequenceDetails": "%CustomerSeq%_cmrr_mbep2d_se",
    "ReceiveCoilActiveElements": "HC1-7",
    "ReceiveCoilName": "HeadNeck_64",
    "ReconMatrixPE": 84,
    "RepetitionTime": 7.06,
    "SAR": 0.133951,
    "ScanOptions": "FS",
    "ScanningSequence": "EP",
    "SequenceName": "epse2d1_84",
    "SequenceVariant": "SK",
    "SeriesDescription": "Fieldmap_topup_AP",
    "SeriesNumber": 5,
    "ShimSetting": [
        -597,
        -10787,
        -550,
        555,
        34,
        51,
        208,
        -7
    ],
    "SliceThickness": 2.5,
    "SliceTiming": [
        3.52,
        0,
        3.65,
        0.13,
        3.78,
        0.26,
        3.91,
        0.39,
        4.04,
        0.52,
        4.1725,
        0.6525,
        4.3025,
        0.7825,
        4.4325,
        0.9125,
        4.5625,
        1.0425,
        4.6925,
        1.1725,
        4.8225,
        1.3025,
        4.9525,
        1.4325,
        5.085,
        1.565,
        5.215,
        1.695,
        5.345,
        1.825,
        5.475,
        1.955,
        5.605,
        2.085,
        5.735,
        2.215,
        5.865,
        2.345,
        5.9975,
        2.4775,
        6.1275,
        2.6075,
        6.2575,
        2.7375,
        6.3875,
        2.8675,
        6.5175,
        2.9975,
        6.6475,
        3.1275,
        6.7775,
        3.2575,
        6.91,
        3.39
    ],
    "SoftwareVersions": "syngo_MR_E11",
    "SpacingBetweenSlices": 2.5,
    "StationName": "AWP66072",
    "TotalReadoutTime": 0.04199916,
    "TxRefAmp": 250.236,
    "Units": "Hz",
    "IntendedFor": [
        "func/sub-18_task-morphosem_run-01_bold.nii.gz",
        "func/sub-18_task-morphosem_run-02_bold.nii.gz",
        "func/sub-18_task-morphosem_run-03_bold.nii.gz",
        "func/sub-18_task-morphosem_run-04_bold.nii.gz",
        "func/sub-18_task-localizerpinel_bold.nii.gz"
    ]
}