{
  "AcquisitionDateTime": "2017-06-16T11:14:04.604000",
  "AcquisitionMatrixPE": 320,
  "AcquisitionNumber": 1,
  "AcquisitionTime": "11:06:49.782500",
  "BaseResolution": 320,
  "BodyPartExamined": "HEAD",
  "ConsistencyInfo": "N4_VE11B_LATEST_20150530",
  "ConversionSoftware": "dcm2niix",
  "ConversionSoftwareVersion": "v1.0.20171215 GCC5.1.0",
  "DeviceSerialNumber": "66072",
  "EchoTime": 0.00228,
  "FlipAngle": 8,
  "ImageOrientationPatientDICOM": [
    0.0356992,
    0.997783,
    0.0561684,
    0.00958894,
    0.0558597,
    -0.998393
  ],
  "ImageType": ["ORIGINAL","PRIMARY","M","ND","NORM"],
  "InPlanePhaseEncodingDirectionDICOM": "ROW",
  "InstitutionAddress": "Boulevard_Jean_Moulin_27_Marseille...2FCB78..._District_FR_1300",
  "InstitutionName": "Universite_d_aix_Marseille",
  "InversionTime": 1.01,
  "MRAcquisitionType": "3D",
  "MagneticFieldStrength": 3,
  "Manufacturer": "Siemens",
  "ManufacturersModelName": "Prisma",
  "Modality": "MR",
  "ParallelReductionFactorInPlane": 2,
  "PartialFourier": 1,
  "PatientPosition": "HFS",
  "PercentPhaseFOV": 100,
  "PhaseEncodingSteps": 319,
  "PhaseResolution": 1,
  "PixelBandwidth": 210,
  "ProcedureStepDescription": "Projets_MorphoSem",
  "ProtocolName": "T1w",
  "PulseSequenceDetails": "%SiemensSeq%_tfl",
  "ReceiveCoilActiveElements": "HC1-7;NC1,2",
  "ReceiveCoilName": "HeadNeck_64",
  "ReconMatrixPE": 320,
  "RepetitionTime": 2.4,
  "SAR": 0.046408,
  "ScanOptions": "IR_WE",
  "ScanningSequence": "GR_IR",
  "SequenceName": "_tfl3d1_16ns",
  "SequenceVariant": "SK_SP_MP",
  "SeriesDescription": "T1w",
  "SeriesNumber": 19,
  "ShimSetting": [-584,-10772,-641,-10,49,-409,116,16],
  "SliceThickness": 0.8,
  "SoftwareVersions": "syngo_MR_E11",
  "StationName": "AWP66072",
  "TxRefAmp": 237.686
}