{
  "AcquisitionDateTime": "2018-01-30T10:17:30.490000",
  "AcquisitionMatrixPE": 320,
  "AcquisitionNumber": 1,
  "AcquisitionTime": "10:10:20.775000",
  "BaseResolution": 320,
  "BodyPartExamined": "HEAD",
  "ConsistencyInfo": "N4_VE11B_LATEST_20150530",
  "ConversionSoftware": "dcm2niix",
  "ConversionSoftwareVersion": "v1.0.20171215 GCC5.1.0",
  "DeviceSerialNumber": "66072",
  "DwellTime": 7.4e-006,
  "EchoTime": 0.00228,
  "FlipAngle": 8,
  "ImageOrientationPatientDICOM": [
    0.0126938,
    0.999444,
    0.030815,
    0.0688692,
    0.0298704,
    -0.997178
  ],
  "ImageType": ["ORIGINAL","PRIMARY","M","ND","NORM"],
  "InPlanePhaseEncodingDirectionDICOM": "ROW",
  "InstitutionAddress": "Boulevard_Jean_Moulin_27_Marseille...1E4BF1..._District_FR_1300",
  "InstitutionName": "Centre_IRMf",
  "InstitutionalDepartmentName": "Department",
  "InversionTime": 1.01,
  "MRAcquisitionType": "3D",
  "MagneticFieldStrength": 3,
  "Manufacturer": "Siemens",
  "ManufacturersModelName": "Prisma",
  "Modality": "MR",
  "ParallelReductionFactorInPlane": 2,
  "PartialFourier": 1,
  "PatientPosition": "HFS",
  "PercentPhaseFOV": 100,
  "PhaseEncodingSteps": 319,
  "PhaseResolution": 1,
  "PixelBandwidth": 210,
  "ProcedureStepDescription": "Projets_MorphoSem",
  "ProtocolName": "T1w",
  "PulseSequenceDetails": "%SiemensSeq%_tfl",
  "ReceiveCoilActiveElements": "HC1-7;NC1,2",
  "ReceiveCoilName": "HeadNeck_64",
  "ReconMatrixPE": 320,
  "RepetitionTime": 2.4,
  "SAR": 0.0463296,
  "ScanOptions": "IR_WE",
  "ScanningSequence": "GR_IR",
  "SequenceName": "_tfl3d1_16ns",
  "SequenceVariant": "SK_SP_MP",
  "SeriesDescription": "T1w",
  "SeriesNumber": 18,
  "ShimSetting": [-574,-10810,-634,140,19,-375,-36,-36],
  "SliceThickness": 0.8,
  "SoftwareVersions": "syngo_MR_E11",
  "StationName": "AWP66072",
  "TxRefAmp": 250.665
}