{
  "AcquisitionDateTime": "2018-02-13T10:07:37.033000",
  "AcquisitionMatrixPE": 84,
  "AcquisitionNumber": 1,
  "AcquisitionTime": "10:07:19.152500",
  "BandwidthPerPixelPhaseEncode": 23.81,
  "BaseResolution": 84,
  "BodyPartExamined": "HEAD",
  "ConsistencyInfo": "N4_VE11B_LATEST_20150530",
  "ConversionSoftware": "dcm2niix",
  "ConversionSoftwareVersion": "v1.0.20171215 GCC5.1.0",
  "DerivedVendorReportedEchoSpacing": 0.00049999,
  "DeviceSerialNumber": "66072",
  "DwellTime": 2.6e-006,
  "EchoTime": 0.059,
  "EchoTrainLength": 84,
  "EffectiveEchoSpacing": 0.00049999,
  "FlipAngle": 90,
  "ImageComments": "SENSE1",
  "ImageOrientationPatientDICOM": [
    0.997161,
    0.0386113,
    -0.0646463,
    -0.0423164,
    0.997479,
    -0.0569615
  ],
  "ImageType": ["ORIGINAL","PRIMARY","M","ND","MOSAIC"],
  "InPlanePhaseEncodingDirectionDICOM": "COL",
  "InstitutionAddress": "Boulevard_Jean_Moulin_27_Marseille...1E4BF1..._District_FR_1300",
  "InstitutionName": "Universite_d_aix_Marseille",
  "InstitutionalDepartmentName": "Department",
  "MRAcquisitionType": "2D",
  "MagneticFieldStrength": 3,
  "Manufacturer": "Siemens",
  "ManufacturersModelName": "Prisma",
  "Modality": "MR",
  "PartialFourier": 1,
  "PatientPosition": "HFS",
  "PercentPhaseFOV": 100,
  "PhaseEncodingDirection": "j",
  "PhaseEncodingSteps": 84,
  "PhaseResolution": 1,
  "PixelBandwidth": 2290,
  "ProcedureStepDescription": "Projets_MorphoSem",
  "ProtocolName": "Fieldmap_topup_PA",
  "PulseSequenceDetails": "%CustomerSeq%_cmrr_mbep2d_se",
  "ReceiveCoilActiveElements": "HC1-7;NC1",
  "ReceiveCoilName": "HeadNeck_64",
  "ReconMatrixPE": 84,
  "RepetitionTime": 7.06,
  "SAR": 0.148571,
  "ScanOptions": "FS",
  "ScanningSequence": "EP",
  "SequenceName": "epse2d1_84",
  "SequenceVariant": "SK",
  "SeriesDescription": "Fieldmap_topup_PA",
  "SeriesNumber": 6,
  "ShimSetting": [-629,-10730,-534,637,-36,61,156,-50],
  "SliceThickness": 2.5,
  "SliceTiming": [
    3.52,
    0,
    3.65,
    0.13,
    3.78,
    0.26,
    3.9125,
    0.3925,
    4.0425,
    0.5225,
    4.1725,
    0.6525,
    4.3025,
    0.7825,
    4.4325,
    0.9125,
    4.5625,
    1.0425,
    4.6925,
    1.1725,
    4.825,
    1.305,
    4.955,
    1.435,
    5.085,
    1.565,
    5.215,
    1.695,
    5.345,
    1.825,
    5.475,
    1.955,
    5.605,
    2.085,
    5.7375,
    2.2175,
    5.8675,
    2.3475,
    5.9975,
    2.4775,
    6.1275,
    2.6075,
    6.2575,
    2.7375,
    6.3875,
    2.8675,
    6.5175,
    2.9975,
    6.65,
    3.13,
    6.78,
    3.26,
    6.91,
    3.39
  ],
  "SoftwareVersions": "syngo_MR_E11",
  "SpacingBetweenSlices": 2.5,
  "StationName": "AWP66072",
  "TotalReadoutTime": 0.04199916,
  "TxRefAmp": 240.235
}